GEM
  remote: https://rubygems.org/
  specs:
    aws-sdk (1.8.3)
      json (~> 1.4)
      nokogiri (>= 1.4.4)
      uuidtools (~> 2.1)
    backports (2.8.2)
    coderay (1.0.8)
    connection_pool (1.0.0)
    eventmachine (1.0.0)
    eventmachine (1.0.0-java)
    girl_friday (0.11.2)
      connection_pool (~> 1.0)
      rubinius-actor
    haml (4.0.0)
      tilt
    json (1.7.7)
    json (1.7.7-java)
    method_source (0.8.1)
    nokogiri (1.5.6)
    nokogiri (1.5.6-java)
    pry (0.9.12)
      coderay (~> 1.0.5)
      method_source (~> 0.8)
      slop (~> 3.4)
    pry (0.9.12-java)
      coderay (~> 1.0.5)
      method_source (~> 0.8)
      slop (~> 3.4)
      spoon (~> 0.0)
    puma (1.6.3)
      rack (~> 1.2)
    puma (1.6.3-java)
      rack (~> 1.2)
    rack (1.4.5)
    rack-contrib (1.1.0)
      rack (>= 0.9.1)
    rack-protection (1.3.2)
      rack
    rack-test (0.6.2)
      rack (>= 1.0)
    rack_csrf (2.4.0)
      rack (>= 0.9)
    redis (3.0.2)
    redis-namespace-with-multi (1.2.1)
      redis (~> 3.0.0)
    redis-rack (1.4.2)
      rack (~> 1.4.1)
      redis-store (~> 1.1.0)
    redis-store (1.1.3)
      redis (>= 2.2.0)
    rubinius-actor (0.0.2)
      rubinius-core-api
    rubinius-core-api (0.0.1)
    rubinius-core-api (0.0.1-java)
    sinatra (1.3.4)
      rack (~> 1.4)
      rack-protection (~> 1.3)
      tilt (~> 1.3, >= 1.3.3)
    sinatra-contrib (1.3.2)
      backports (>= 2.0)
      eventmachine
      rack-protection
      rack-test
      sinatra (~> 1.3.0)
      tilt (~> 1.3)
    slop (3.4.3)
    spoon (0.0.1)
    tilt (1.3.3)
    uuidtools (2.1.3)

PLATFORMS
  java
  ruby

DEPENDENCIES
  aws-sdk
  girl_friday
  haml
  pry
  puma
  rack-contrib
  rack_csrf
  redis
  redis-namespace-with-multi
  redis-rack
  sinatra
  sinatra-contrib
